GEM
  remote: https://rubygems.org/
  specs:
    colored (1.2)
    concurrent-ruby (1.0.2)
    cri (2.7.0)
      colored (~> 1.2)
    hamster (3.0.0)
      concurrent-ruby (~> 1.0)
    nanoc (4.4.2)
      cri (~> 2.3)
      hamster (~> 3.0)
      parallel (~> 1.9)
      ref (~> 2.0)
    parallel (1.10.0)
    rake (12.3.3)
    ref (2.0.0)

PLATFORMS
  ruby
  x64-mingw32

DEPENDENCIES
  nanoc
  rake

BUNDLED WITH
   1.13.6
